GEM
  remote: http://rubygems.org/
  specs:
    factual-api (1.3.2)
      json (>= 1.2.0)
      oauth (>= 0.4.4)
    json (1.7.5)
    oauth (0.4.7)

PLATFORMS
  ruby

DEPENDENCIES
  factual-api
